RESTRICTION: == net461
NUGET
  remote: https://www.nuget.org/api/v2
    Akka (1.3.6)
      Newtonsoft.Json (>= 9.0.1)
      System.Collections.Immutable (>= 1.3.1)
    Akka.Serialization.Hyperion (1.3.6-beta62)
      Akka (>= 1.3.6-beta62)
      Hyperion (>= 0.9.8)
    Akkling (0.9.1)
      Akka (>= 1.3.5)
      Akka.Serialization.Hyperion (>= 1.3.5-beta60)
      FSharp.Core (>= 4.3.4)
    FSharp.Core (4.3.4)
    Hyperion (0.9.8)
    Microsoft.FSharpLu.Json (0.10.21)
      FSharp.Core (>= 4.3.4)
      Newtonsoft.Json (>= 10.0.3)
      System.ValueTuple (>= 4.4)
    Microsoft.NETCore.Platforms (2.0.2)
    NETStandard.Library (2.0.3)
      Microsoft.NETCore.Platforms (>= 1.1)
    Newtonsoft.Json (11.0.2)
    System.Collections.Immutable (1.4)
      NETStandard.Library (>= 1.6.1)
    System.ValueTuple (4.4)
